GEM
  remote: http://rubygems.org/
  specs:
    activesupport (5.0.0.1)
      concurrent-ruby (~> 1.0, >= 1.0.2)
      i18n (~> 0.7)
      minitest (~> 5.1)
      tzinfo (~> 1.1)
    adzerk (0.8)
      activesupport (>= 3.2.8)
      json (>= 1.7.7)
      rest-client (= 1.6.9)
    concurrent-ruby (1.0.2)
    i18n (0.7.0)
    json (2.0.2)
    mime-types (1.25.1)
    minitest (5.9.0)
    rest-client (1.6.9)
      mime-types (~> 1.16)
    thread_safe (0.3.5)
    tzinfo (1.2.2)
      thread_safe (~> 0.1)

PLATFORMS
  ruby

DEPENDENCIES
  adzerk (= 0.8)

BUNDLED WITH
   1.12.5
